GEM
  remote: http://rubygems.org/
  specs:
    coderay (1.0.5)
    directory_watcher (1.4.1)
    redis (2.2.2)
    slop (2.1.0)
    stasis (0.1.20)
      directory_watcher (~> 1.4.1)
      redis (~> 2.2.2)
      slop (~> 2.1.0)
      tilt (~> 1.3.3)
      yajl-ruby (~> 1.0.0)
    tilt (1.3.3)
    yajl-ruby (1.0.0)

PLATFORMS
  ruby

DEPENDENCIES
  coderay
  stasis
